PATH
  remote: .
  specs:
    project (0.1.0)

GEM
  remote: https://rubygems.org/
  specs:
    rake (13.0.1)

PLATFORMS
  ruby

DEPENDENCIES
  bundler (~> 2.0)
  project!
  rake (>= 12.3.3)

BUNDLED WITH
   2.1.4
